GEM
  remote: http://rubygems.org/
  specs:
    actionmailer (2.3.8)
      actionpack (= 2.3.8)
    actionpack (2.3.8)
      activesupport (= 2.3.8)
      rack (~> 1.1.0)
    activerecord (2.3.8)
      activesupport (= 2.3.8)
    activeresource (2.3.8)
      activesupport (= 2.3.8)
    activesupport (2.3.8)
    brstring (2.1.15)
      activesupport (>= 2.3.2, < 3.0.0)
    googlecharts (1.6.8)
    json (1.7.5)
    nokogiri (1.5.5)
    rack (1.1.3)
    rails (2.3.8)
      actionmailer (= 2.3.8)
      actionpack (= 2.3.8)
      activerecord (= 2.3.8)
      activeresource (= 2.3.8)
      activesupport (= 2.3.8)
      rake (>= 0.8.3)
    rake (0.9.2.2)

PLATFORMS
  ruby

DEPENDENCIES
  brstring
  googlecharts
  json
  nokogiri
  rails (= 2.3.8)
